PATH
  remote: .
  specs:
    minitest-snapshots (0.3.0)

GEM
  remote: https://rubygems.org/
  specs:
    rake (10.5.0)

PLATFORMS
  ruby

DEPENDENCIES
  bundler (~> 1.17)
  minitest-snapshots!
  rake (~> 10.0)

BUNDLED WITH
   1.17.2
