PATH
  remote: .
  specs:
    minitest-snapshots (1.0.0)

GEM
  remote: https://rubygems.org/
  specs:
    minitest (5.18.1)
    rake (13.0.6)

PLATFORMS
  ruby

DEPENDENCIES
  minitest (~> 5.14)
  minitest-snapshots!
  rake (~> 13.0)

BUNDLED WITH
   2.4.15
